GIT
  remote: git://github.com/mcordell/grape_token_auth.git
  revision: 512827bb35d0286caf6b8bef9b98104a8463727b
  branch: mailer
  specs:
    grape_token_auth (0.0.0)
      bcrypt
      grape (> 0.9.0)
      mail
      warden

GEM
  remote: https://rubygems.org/
  specs:
    activemodel (4.2.4)
      activesupport (= 4.2.4)
      builder (~> 3.1)
    activerecord (4.2.4)
      activemodel (= 4.2.4)
      activesupport (= 4.2.4)
      arel (~> 6.0)
    activesupport (4.2.4)
      i18n (~> 0.7)
      json (~> 1.7, >= 1.7.7)
      minitest (~> 5.1)
      thread_safe (~> 0.3, >= 0.3.4)
      tzinfo (~> 1.1)
    arel (6.0.3)
    axiom-types (0.1.1)
      descendants_tracker (~> 0.0.4)
      ice_nine (~> 0.11.0)
      thread_safe (~> 0.3, >= 0.3.1)
    bcrypt (3.1.10)
    builder (3.2.2)
    coderay (1.1.0)
    coercible (1.0.0)
      descendants_tracker (~> 0.0.1)
    descendants_tracker (0.0.4)
      thread_safe (~> 0.3, >= 0.3.1)
    domain_name (0.5.24)
      unf (>= 0.0.5, < 1.0.0)
    equalizer (0.0.11)
    faraday (0.9.1)
      multipart-post (>= 1.2, < 3)
    grape (0.13.0)
      activesupport
      builder
      hashie (>= 2.1.0)
      multi_json (>= 1.3.2)
      multi_xml (>= 0.5.2)
      rack (>= 1.3.0)
      rack-accept
      rack-mount
      virtus (>= 1.0.0)
    grape_logging (1.1.2)
      grape
    hashie (3.4.2)
    http-cookie (1.0.2)
      domain_name (~> 0.5)
    i18n (0.7.0)
    ice_nine (0.11.1)
    json (1.8.3)
    jwt (1.5.1)
    mail (2.6.3)
      mime-types (>= 1.16, < 3)
    mailgun-ruby (1.0.3)
      json (~> 1.8)
      rest-client (~> 1.6)
    method_source (0.8.2)
    mime-types (2.6.1)
    minitest (5.8.0)
    multi_json (1.11.2)
    multi_xml (0.5.5)
    multipart-post (2.0.0)
    netrc (0.10.3)
    oauth2 (1.0.0)
      faraday (>= 0.8, < 0.10)
      jwt (~> 1.0)
      multi_json (~> 1.3)
      multi_xml (~> 0.5)
      rack (~> 1.2)
    omniauth (1.2.2)
      hashie (>= 1.2, < 4)
      rack (~> 1.0)
    omniauth-github (1.1.2)
      omniauth (~> 1.0)
      omniauth-oauth2 (~> 1.1)
    omniauth-oauth2 (1.3.1)
      oauth2 (~> 1.0)
      omniauth (~> 1.2)
    pg (0.18.3)
    pry (0.10.1)
      coderay (~> 1.1.0)
      method_source (~> 0.8.1)
      slop (~> 3.4)
    rack (1.6.4)
    rack-accept (0.4.5)
      rack (>= 0.4)
    rack-cors (0.4.0)
    rack-mount (0.8.3)
      rack (>= 1.0.0)
    rest-client (1.8.0)
      http-cookie (>= 1.0.2, < 2.0)
      mime-types (>= 1.16, < 3.0)
      netrc (~> 0.7)
    slop (3.6.0)
    thread_safe (0.3.5)
    tzinfo (1.2.2)
      thread_safe (~> 0.1)
    unf (0.1.4)
      unf_ext
    unf_ext (0.0.7.1)
    virtus (1.0.5)
      axiom-types (~> 0.1)
      coercible (~> 1.0)
      descendants_tracker (~> 0.0, >= 0.0.3)
      equalizer (~> 0.0, >= 0.0.9)
    warden (1.2.3)
      rack (>= 1.0)

PLATFORMS
  ruby

DEPENDENCIES
  activerecord
  grape_logging
  grape_token_auth!
  mailgun-ruby
  omniauth
  omniauth-github
  pg
  pry
  rack-cors

BUNDLED WITH
   1.10.4
